GEM
  remote: https://rubygems.org/
  specs:
    dalli (2.7.6)
    debugger-ruby_core_source (1.3.8)
    erubis (2.7.0)
    foreman (0.84.0)
      thor (~> 0.19.1)
    kgio (2.11.0)
    mustermann (1.0.1)
    mysql2 (0.3.18)
    mysql2-cs-bind (0.0.6)
      mysql2
    rack (2.0.3)
    rack-lineprof (0.0.2)
      rack
      rblineprof (~> 0.3.1)
      term-ansicolor
    rack-mini-profiler (0.10.5)
      rack (>= 1.2.0)
    rack-protection (2.0.0)
      rack
    raindrops (0.19.0)
    rblineprof (0.3.7)
      debugger-ruby_core_source (~> 1.3)
    sinatra (2.0.0)
      mustermann (~> 1.0)
      rack (~> 2.0)
      rack-protection (= 2.0.0)
      tilt (~> 2.0)
    term-ansicolor (1.6.0)
      tins (~> 1.0)
    thor (0.19.4)
    tilt (2.0.8)
    tins (1.15.0)
    unicorn (5.3.1)
      kgio (~> 2.6)
      raindrops (~> 0.7)

PLATFORMS
  ruby

DEPENDENCIES
  dalli
  erubis
  foreman
  mysql2 (= 0.3.18)
  mysql2-cs-bind
  rack-lineprof
  rack-mini-profiler
  sinatra
  unicorn

BUNDLED WITH
   1.15.4
